GEM
  remote: https://rubygems.org/
  specs:
    byebug (11.0.1)
    childprocess (3.0.0)
    concurrent-ruby (1.1.5)
    curb (0.9.9)
    diff-lcs (1.3)
    faker (2.6.0)
      i18n (>= 1.6, < 1.8)
    fast-selenium (0.0.1)
      curb (= 0.9.9)
    i18n (1.7.0)
      concurrent-ruby (~> 1.0)
    parallel (1.18.0)
    parallel_tests (2.29.2)
      parallel
    rake (13.0.0)
    rspec (3.9.0)
      rspec-core (~> 3.9.0)
      rspec-expectations (~> 3.9.0)
      rspec-mocks (~> 3.9.0)
    rspec-core (3.9.0)
      rspec-support (~> 3.9.0)
    rspec-expectations (3.9.0)
      diff-lcs (>= 1.2.0, < 2.0)
      rspec-support (~> 3.9.0)
    rspec-mocks (3.9.0)
      diff-lcs (>= 1.2.0, < 2.0)
      rspec-support (~> 3.9.0)
    rspec-retry (0.6.1)
      rspec-core (> 3.3)
    rspec-support (3.9.0)
    rubyzip (2.0.0)
    selenium-webdriver (3.142.6)
      childprocess (>= 0.5, < 4.0)
      rubyzip (>= 1.2.2)

PLATFORMS
  ruby

DEPENDENCIES
  byebug
  faker
  fast-selenium
  parallel_tests
  rake
  rspec
  rspec-expectations
  rspec-retry
  selenium-webdriver

BUNDLED WITH
   1.17.3
